GEM
  remote: https://rubygems.org/
  specs:
    faraday (2.13.4)
      faraday-net_http (>= 2.0, < 3.5)
      json
      logger
    faraday-net_http (3.4.1)
      net-http (>= 0.5.0)
    json (2.13.2)
    logger (1.7.0)
    net-http (0.6.0)
      uri
    nokogiri (1.18.9-x64-mingw-ucrt)
      racc (~> 1.4)
    racc (1.8.1)
    uri (1.0.3)

PLATFORMS
  x64-mingw-ucrt

DEPENDENCIES
  faraday (~> 2.0)
  nokogiri

BUNDLED WITH
   2.6.9
